PATH
  remote: .
  specs:
    acts_as_pdf (0.1.1)

GEM
  remote: https://rubygems.org/
  specs:

PLATFORMS
  ruby

DEPENDENCIES
  acts_as_pdf!

BUNDLED WITH
   1.15.4
